GIT
  remote: https://github.com/adhearsion/adhearsion.git
  revision: a336356cf45d0ef1fc71998bf5ee77a090e528cc
  branch: develop
  specs:
    adhearsion (2.0.1)
      activesupport (>= 3.0.10)
      adhearsion-loquacious (>= 1.9.0)
      bundler (~> 1.0)
      celluloid (>= 0.10.0)
      countdownlatch
      deep_merge
      ffi (>= 1.0.11)
      future-resource (~> 1.0)
      girl_friday
      has-guarded-handlers (~> 1.1)
      logging (>= 1.6.1)
      pry
      punchblock (~> 1.2)
      rake
      ruby_speech (~> 1.0)
      thor

GIT
  remote: https://github.com/adhearsion/punchblock.git
  revision: 8b5e9327e092207b08b9e52909190f77222aca4a
  branch: develop
  specs:
    punchblock (1.3.0)
      activesupport (~> 3.0)
      blather (>= 0.7.0)
      celluloid (>= 0.11.0)
      future-resource (~> 1.0)
      has-guarded-handlers (~> 1.3)
      niceogiri (~> 1.0)
      ruby_ami (~> 1.2, >= 1.2.1)
      ruby_fs (~> 0.3.0)
      ruby_speech (~> 1.0)
      state_machine (~> 1.0)

GIT
  remote: https://github.com/adhearsion/ruby_fs.git
  revision: 7915372a80eb2910c2266fa96d0fa0fad750374c
  branch: develop
  specs:
    ruby_fs (0.3.1)
      celluloid-io (~> 0.11.0)
      json

GEM
  remote: http://rubygems.org/
  specs:
    activesupport (3.2.22.5)
      i18n (~> 0.6, >= 0.6.4)
      multi_json (~> 1.0)
    adhearsion-asterisk (1.2.1)
      activesupport (>= 3.0.10)
      adhearsion (~> 2.0)
    adhearsion-loquacious (1.9.3)
    blather (2.0.0)
      activesupport (>= 2.3.11)
      eventmachine (~> 1.2, >= 1.2.6)
      niceogiri (~> 1.0)
      nokogiri (~> 1.8, >= 1.8.3)
      sucker_punch (~> 2.0)
    celluloid (0.11.1)
      timers (>= 1.0.0)
    celluloid-io (0.11.0)
      celluloid (~> 0.11.0)
      nio4r (>= 0.4.0)
    coderay (1.0.7)
    concurrent-ruby (1.1.9)
    connection_pool (1.2.0)
    countdownlatch (1.0.0)
    deep_merge (1.0.0)
    eventmachine (1.2.7)
    ffi (1.1.4)
    future-resource (1.0.0)
    girl_friday (0.11.2)
      connection_pool (~> 1.0)
      rubinius-actor
    has-guarded-handlers (1.3.1)
    i18n (0.9.5)
      concurrent-ruby (~> 1.0)
    json (1.7.4)
    little-plugger (1.1.3)
    logging (1.7.2)
      little-plugger (>= 1.1.3)
    method_source (0.8)
    mini_portile2 (2.6.1)
    multi_json (1.15.0)
    niceogiri (1.1.2)
      nokogiri (~> 1.5)
    nio4r (0.4.0)
    nokogiri (1.12.5)
      mini_portile2 (~> 2.6.1)
      racc (~> 1.4)
    pry (0.9.10)
      coderay (~> 1.0.5)
      method_source (~> 0.8)
      slop (~> 3.3.1)
    racc (1.5.2)
    rake (0.9.2.2)
    rubinius-actor (0.0.2)
      rubinius-core-api
    rubinius-core-api (0.0.1)
    ruby_ami (1.2.1)
      celluloid-io (~> 0.11.0)
      countdownlatch (~> 1.0)
      future-resource
      girl_friday
    ruby_speech (1.0.0)
      activesupport (>= 3.0.7)
      niceogiri (~> 1.0)
    slop (3.3.2)
    state_machine (1.1.2)
    sucker_punch (2.1.2)
      concurrent-ruby (~> 1.0)
    thor (0.15.4)
    timers (1.0.1)

PLATFORMS
  ruby

DEPENDENCIES
  adhearsion!
  adhearsion-asterisk
  punchblock!
  ruby_fs!
